PATH
  remote: .
  specs:
    office_tools (0.1.0)

GEM
  remote: https://rubygems.org/
  specs:
    binding_of_caller (1.0.0)
      debug_inspector (>= 0.0.1)
    byebug (11.1.3)
    coderay (1.1.3)
    debug_inspector (1.1.0)
    method_source (1.0.0)
    pry (0.13.1)
      coderay (~> 1.1)
      method_source (~> 1.0)
    pry-byebug (3.9.0)
      byebug (~> 11.0)
      pry (~> 0.13.0)
    pry-stack_explorer (0.6.1)
      binding_of_caller (~> 1.0)
      pry (~> 0.13)
    rake (13.0.6)
    rubyzip (2.3.2)
    xsv (1.0.6)
      rubyzip (>= 1.3, < 3)

PLATFORMS
  x86_64-linux

DEPENDENCIES
  office_tools!
  pry (~> 0.13.1)
  pry-byebug (~> 3.9)
  pry-stack_explorer (~> 0.6.1)
  rake (~> 13.0)
  xsv (~> 1.0)

BUNDLED WITH
   2.3.5
